PATH
  remote: .
  specs:
    udpbucket (0.0.9)
      asetus (>= 0.0.7)
      json
      logger (>= 1.2.8)

GEM
  remote: https://rubygems.org/
  specs:
    asetus (0.0.7)
      slop
    json (1.8.1)
    logger (1.2.8)
    slop (3.5.0)

PLATFORMS
  ruby

DEPENDENCIES
  udpbucket!
